GEM
  remote: https://rubygems.org/
  specs:
    backports (3.3.3)
    eventmachine (1.0.3)
    fakeweb (1.3.0)
    htmlentities (4.3.1)
    json (1.8.0)
    metaclass (0.0.1)
    mime-types (1.23)
    mocha (0.14.0)
      metaclass (~> 0.0.1)
    net-ssh (2.6.6)
    nokogiri (1.5.10)
    rack (1.5.2)
    rack-protection (1.5.0)
      rack
    rack-test (0.6.2)
      rack (>= 1.0)
    rest-client (1.6.7)
      mime-types (>= 1.16)
    sinatra (1.4.3)
      rack (~> 1.4)
      rack-protection (~> 1.4)
      tilt (~> 1.3, >= 1.3.4)
    sinatra-contrib (1.4.0)
      backports (>= 2.0)
      eventmachine
      rack-protection
      rack-test
      sinatra (~> 1.4.2)
      tilt (~> 1.3)
    tilt (1.4.1)

PLATFORMS
  ruby

DEPENDENCIES
  fakeweb
  htmlentities
  json
  mocha
  net-ssh
  nokogiri (~> 1.5.10)
  rest-client
  sinatra
  sinatra-contrib
