GEM
  remote: https://rubygems.org/
  specs:
    fakeweb (1.3.0)
    json (1.8.0)
    metaclass (0.0.1)
    mime-types (1.23)
    mocha (0.14.0)
      metaclass (~> 0.0.1)
    net-ssh (2.6.6)
    rest-client (1.6.7)
      mime-types (>= 1.16)

PLATFORMS
  ruby

DEPENDENCIES
  fakeweb
  json
  mocha
  net-ssh
  rest-client
