GEM
  remote: https://rubygems.org/
  specs:
    fakeweb (1.3.0)
    json (1.8.0)
    metaclass (0.0.1)
    mocha (0.14.0)
      metaclass (~> 0.0.1)

PLATFORMS
  ruby

DEPENDENCIES
  fakeweb
  json
  mocha
