GEM
  remote: https://rubygems.org/
  specs:
    json (1.8.0)
    metaclass (0.0.1)
    mime-types (1.23)
    mocha (0.14.0)
      metaclass (~> 0.0.1)
    rack (1.5.2)
    rack-protection (1.5.0)
      rack
    rack-test (0.6.2)
      rack (>= 1.0)
    rest-client (1.6.7)
      mime-types (>= 1.16)
    sinatra (1.4.3)
      rack (~> 1.4)
      rack-protection (~> 1.4)
      tilt (~> 1.3, >= 1.3.4)
    tilt (1.4.1)

PLATFORMS
  ruby

DEPENDENCIES
  json
  mocha
  rack-test
  rest-client
  sinatra
